GIT
  remote: https://github.com/intridea/omniauth.git
  revision: 71d639d203762b521709423b023ede9c75156c0a
  specs:
    oa-basic (0.2.0.beta3)
      multi_json (~> 0.0.2)
      nokogiri (~> 1.4.2)
      oa-core (= 0.2.0.beta3)
      rest-client (~> 1.6.0)
    oa-core (0.2.0.beta3)
      rack (~> 1.1)
    oa-enterprise (0.2.0.beta3)
      net-ldap (~> 0.1.1)
      nokogiri (~> 1.4.2)
      oa-core (= 0.2.0.beta3)
      pyu-ruby-sasl (~> 0.0.3.1)
      rubyntlm (~> 0.1.1)
    oa-more (0.2.0.beta3)
      multi_json (~> 0.0.2)
      oa-core (= 0.2.0.beta3)
      rest-client (~> 1.6.0)
    oa-oauth (0.2.0.beta3)
      multi_json (~> 0.0.2)
      nokogiri (~> 1.4.2)
      oa-core (= 0.2.0.beta3)
      oauth (~> 0.4.0)
      oauth2 (~> 0.1.1)
    oa-openid (0.2.0.beta3)
      oa-core (= 0.2.0.beta3)
      rack-openid (~> 1.2.0)
      ruby-openid-apps-discovery
    omniauth (0.2.0.beta3)
      oa-basic (= 0.2.0.beta3)
      oa-core (= 0.2.0.beta3)
      oa-enterprise (= 0.2.0.beta3)
      oa-more (= 0.2.0.beta3)
      oa-oauth (= 0.2.0.beta3)
      oa-openid (= 0.2.0.beta3)

GIT
  remote: https://github.com/jnunemaker/mongomapper.git
  revision: 0200553974cc1fa5a661b229e7c8acc0fdf9c5ae
  specs:
    mongo_mapper (0.8.6)
      activemodel (~> 3.0.0)
      activesupport (~> 3.0.0)
      plucky (~> 0.3.6)

GEM
  remote: http://rubygems.org/
  specs:
    abstract (1.0.0)
    actionmailer (3.0.1)
      actionpack (= 3.0.1)
      mail (~> 2.2.5)
    actionpack (3.0.1)
      activemodel (= 3.0.1)
      activesupport (= 3.0.1)
      builder (~> 2.1.2)
      erubis (~> 2.6.6)
      i18n (~> 0.4.1)
      rack (~> 1.2.1)
      rack-mount (~> 0.6.12)
      rack-test (~> 0.5.4)
      tzinfo (~> 0.3.23)
    activemodel (3.0.1)
      activesupport (= 3.0.1)
      builder (~> 2.1.2)
      i18n (~> 0.4.1)
    activerecord (3.0.1)
      activemodel (= 3.0.1)
      activesupport (= 3.0.1)
      arel (~> 1.0.0)
      tzinfo (~> 0.3.23)
    activeresource (3.0.1)
      activemodel (= 3.0.1)
      activesupport (= 3.0.1)
    activesupport (3.0.1)
    addressable (2.2.4)
    arel (1.0.1)
      activesupport (~> 3.0.0)
    bson (1.2.0)
    bson_ext (1.1.1)
    builder (2.1.2)
    closure-compiler (0.3.3)
    diff-lcs (1.1.2)
    erubis (2.6.6)
      abstract (>= 1.0.0)
    faraday (0.5.5)
      addressable (~> 2.2.4)
      multipart-post (~> 1.1.0)
      rack (>= 1.1.0, < 2)
    haml (3.0.17)
    i18n (0.4.1)
    jammit (0.5.4)
      closure-compiler (>= 0.1.0)
      yui-compressor (>= 0.9.1)
    mail (2.2.7)
      activesupport (>= 2.3.6)
      mime-types
      treetop (>= 1.4.5)
    maruku (0.6.0)
      syntax (>= 1.0.0)
    mime-types (1.16)
    mongo (1.2.0)
      bson (>= 1.2.0)
    multi_json (0.0.5)
    multipart-post (1.1.0)
    net-ldap (0.1.1)
    nokogiri (1.4.4)
    oauth (0.4.4)
    oauth2 (0.1.1)
      faraday (~> 0.5.0)
      multi_json (~> 0.0.4)
    plucky (0.3.6)
      mongo (~> 1.1)
    polyglot (0.3.1)
    pyu-ruby-sasl (0.0.3.2)
    rack (1.2.1)
    rack-mount (0.6.13)
      rack (>= 1.0.0)
    rack-openid (1.2.0)
      rack (>= 1.1.0)
      ruby-openid (>= 2.1.8)
    rack-test (0.5.6)
      rack (>= 1.0)
    rails (3.0.1)
      actionmailer (= 3.0.1)
      actionpack (= 3.0.1)
      activerecord (= 3.0.1)
      activeresource (= 3.0.1)
      activesupport (= 3.0.1)
      bundler (~> 1.0.0)
      railties (= 3.0.1)
    rails3-generators (0.14.0)
    rails_wizard (0.1.3)
      activesupport (~> 3.0.0)
      i18n
      thor
    railties (3.0.1)
      actionpack (= 3.0.1)
      activesupport (= 3.0.1)
      rake (>= 0.8.4)
      thor (~> 0.14.0)
    rake (0.8.7)
    rest-client (1.6.1)
      mime-types (>= 1.16)
    rspec (2.0.0)
      rspec-core (= 2.0.0)
      rspec-expectations (= 2.0.0)
      rspec-mocks (= 2.0.0)
    rspec-core (2.0.0)
    rspec-expectations (2.0.0)
      diff-lcs (>= 1.1.2)
    rspec-mocks (2.0.0)
      rspec-core (= 2.0.0)
      rspec-expectations (= 2.0.0)
    rspec-rails (2.0.1)
      rspec (~> 2.0.0)
    ruby-openid (2.1.8)
    ruby-openid-apps-discovery (1.2.0)
      ruby-openid (>= 2.1.7)
    rubyntlm (0.1.1)
    syntax (1.0.0)
    thor (0.14.3)
    treetop (1.4.8)
      polyglot (>= 0.3.1)
    tweet-button (0.1.0)
    tzinfo (0.3.23)
    yui-compressor (0.9.1)

PLATFORMS
  ruby

DEPENDENCIES
  bson_ext (= 1.1.1)
  haml
  jammit
  maruku
  mongo_mapper!
  omniauth!
  rails (= 3.0.1)
  rails3-generators
  rails_wizard (= 0.1.3)
  rspec-rails (~> 2.0.1)
  tweet-button
